GEM
  remote: http://rubygems.org/
  specs:
    activemodel (3.2.6)
      activesupport (= 3.2.6)
      builder (~> 3.0.0)
    activerecord (3.2.6)
      activemodel (= 3.2.6)
      activesupport (= 3.2.6)
      arel (~> 3.0.2)
      tzinfo (~> 0.3.29)
    activesupport (3.2.6)
      i18n (~> 0.6)
      multi_json (~> 1.0)
    arel (3.0.3)
    builder (3.0.4)
    concurrent-ruby (1.0.5)
    ffaker (2.10.0)
    i18n (0.9.5)
      concurrent-ruby (~> 1.0)
    multi_json (1.13.1)
    power_assert (1.1.3)
    sqlite3 (1.3.13)
    sqlite3 (1.3.13-x86-mingw32)
    test-unit (3.2.8)
      power_assert
    tzinfo (0.3.54)

PLATFORMS
  ruby
  x86-mingw32

DEPENDENCIES
  activerecord (= 3.2.6)
  ffaker
  sqlite3
  test-unit

BUNDLED WITH
   1.16.3
